PATH
  remote: .
  specs:
    diffbot (0.1.0)
      faraday (~> 0.8.8)
      faraday_middleware (~> 0.9.0)
      hashie (~> 2.0.5)
      rash (~> 0.4.0)

GEM
  remote: http://rubygems.org/
  specs:
    coderay (1.1.0)
    fakeweb (1.3.0)
    faraday (0.8.8)
      multipart-post (~> 1.2.0)
    faraday_middleware (0.9.0)
      faraday (>= 0.7.4, < 0.9)
    hashie (2.0.5)
    method_source (0.8.2)
    multipart-post (1.2.0)
    pry (0.9.12.4)
      coderay (~> 1.0)
      method_source (~> 0.8)
      slop (~> 3.4)
    rash (0.4.0)
      hashie (~> 2.0.0)
    slop (3.4.7)

PLATFORMS
  ruby

DEPENDENCIES
  diffbot!
  fakeweb (~> 1.3.0)
  pry
